GIT
  remote: git://github.com/jmettraux/ruote.git
  revision: 1d94fdc7b1a083f065447a8c850cf90a28f0630e
  specs:
    ruote (2.2.1)
      parslet (= 1.2.1)
      rufus-cloche (>= 1.0.1)
      rufus-dollar (>= 1.0.4)
      rufus-json (>= 1.0.1)
      rufus-mnemo (>= 1.1.0)
      rufus-scheduler (>= 2.0.9)
      rufus-treechecker (>= 1.0.6)
      sourcify (= 0.5.0)

GEM
  remote: http://rubygems.org/
  specs:
    blankslate (2.1.2.4)
    builder (2.1.2)
    daemons (1.1.4)
    eventmachine (0.12.10)
    file-tail (1.0.5)
      spruz (>= 0.1.0)
    haml (3.1.2)
    json (1.5.2)
    parslet (1.2.1)
      blankslate (~> 2.0)
    rack (1.3.0)
    ruby2ruby (1.2.5)
      ruby_parser (~> 2.0)
      sexp_processor (~> 3.0)
    ruby_parser (2.0.6)
      sexp_processor (~> 3.0)
    rufus-cloche (1.0.1)
      rufus-json (>= 0.2.7)
    rufus-dollar (1.0.4)
    rufus-json (1.0.1)
    rufus-mnemo (1.2.0)
    rufus-scheduler (2.0.9)
      tzinfo (>= 0.3.23)
    rufus-treechecker (1.0.6)
      ruby_parser (>= 2.0.5)
    sexp_processor (3.0.5)
    sinatra (1.0)
      rack (>= 1.0)
    sinatra-respond_to (0.5.0)
      sinatra (~> 1.0)
    sourcify (0.5.0)
      file-tail (>= 1.0.5)
      ruby2ruby (>= 1.2.5)
      ruby_parser (>= 2.0.5)
      sexp_processor (>= 3.0.5)
    spruz (0.2.7)
    thin (1.2.11)
      daemons (>= 1.0.9)
      eventmachine (>= 0.12.6)
      rack (>= 1.0.0)
    tzinfo (0.3.28)

PLATFORMS
  ruby

DEPENDENCIES
  builder
  bundler
  haml
  json
  ruote!
  sinatra (= 1.0)
  sinatra-respond_to (= 0.5.0)
  thin
